GEM
  remote: http://rubygems.org/
  specs:
    activemodel (3.2.11)
      activesupport (= 3.2.11)
      builder (~> 3.0.0)
    activerecord (3.2.11)
      activemodel (= 3.2.11)
      activesupport (= 3.2.11)
      arel (~> 3.0.2)
      tzinfo (~> 0.3.29)
    activesupport (3.2.11)
      i18n (~> 0.6)
      multi_json (~> 1.0)
    arel (3.0.2)
    builder (3.0.4)
    chunky_png (1.2.7)
    coffee-script (2.2.0)
      coffee-script-source
      execjs
    coffee-script-source (1.4.0)
    commonjs (0.2.6)
    compass (0.11.7)
      chunky_png (~> 1.2)
      fssm (>= 0.2.7)
      sass (~> 3.1)
    daemons (1.1.9)
    dalli (2.6.2)
    eventmachine (1.0.0)
    execjs (1.4.0)
      multi_json (~> 1.0)
    fssm (0.2.10)
    grid-coordinates (1.1.9)
      compass (>= 0.11.5)
    haml (3.1.7)
    i18n (0.6.1)
    less (2.2.2)
      commonjs (~> 0.2.6)
    libv8 (3.3.10.4)
    multi_json (1.5.0)
    nokogiri (1.5.6)
    pg (0.14.1)
    rack (1.5.2)
    rack-coffee (1.0.0)
      coffee-script
      rack
    rack-protection (1.3.2)
      rack
    rake (12.1.0)
    sass (3.1.21)
    shotgun (0.9)
      rack (>= 1.0)
    sinatra (1.3.4)
      rack (~> 1.4)
      rack-protection (~> 1.3)
      tilt (~> 1.3, >= 1.3.3)
    sinatra-activerecord (1.2.1)
      activerecord (~> 3.0)
      sinatra (~> 1.0)
    sqlite3 (1.3.7)
    therubyracer (0.10.2)
      libv8 (~> 3.3.10)
    thin (1.5.0)
      daemons (>= 1.0.9)
      eventmachine (>= 0.12.6)
      rack (>= 1.0.0)
    tilt (1.3.3)
    tzinfo (0.3.35)

PLATFORMS
  ruby

DEPENDENCIES
  activerecord
  activesupport
  compass (~> 0.11.6)
  dalli
  grid-coordinates (~> 1.1.4)
  haml
  less
  nokogiri
  pg
  rack-coffee
  rake
  sass (~> 3.1.12)
  shotgun
  sinatra
  sinatra-activerecord
  sqlite3
  therubyracer
  thin
